GEM
  remote: https://rubygems.org/
  specs:
    breakpoint (2.5.0)
      sass (~> 3.3)
      sassy-maps (< 1.0.0)
    sass (3.4.19)
    sassy-maps (0.4.0)
      sass (~> 3.3)

PLATFORMS
  ruby

DEPENDENCIES
  breakpoint (>= 2.4.2)

BUNDLED WITH
   1.10.6
